GEM
  remote: https://rubygems.org/
  specs:
    activesupport (4.2.7.1)
      i18n (~> 0.7)
      json (~> 1.7, >= 1.7.7)
      minitest (~> 5.1)
      thread_safe (~> 0.3, >= 0.3.4)
      tzinfo (~> 1.1)
    addressable (2.4.0)
    ansi (1.5.0)
    backports (3.6.8)
    builder (3.2.2)
    coffee-script (2.4.1)
      coffee-script-source
      execjs
    coffee-script-source (1.10.0)
    compass-import-once (1.0.5)
      sass (>= 3.2, < 3.5)
    concurrent-ruby (1.0.2)
    contracts (0.13.0)
<<<<<<< HEAD
    em-websocket (0.5.1)
      eventmachine (>= 0.12.9)
      http_parser.rb (~> 0.6.0)
||||||| merged common ancestors
=======
    dotenv (2.1.1)
>>>>>>> 60dae212b63bc4c23062a5a72394212f5173a80b
    erubis (2.7.0)
<<<<<<< HEAD
    eventmachine (1.2.0.1)
    excon (0.49.0)
    execjs (2.6.0)
||||||| merged common ancestors
    execjs (2.6.0)
=======
    execjs (2.7.0)
>>>>>>> 60dae212b63bc4c23062a5a72394212f5173a80b
    fast_blank (1.0.0)
    fastimage (2.0.0)
      addressable (~> 2)
<<<<<<< HEAD
    ffi (1.9.10)
    fog-aws (0.9.2)
      fog-core (~> 1.27)
      fog-json (~> 1.0)
      fog-xml (~> 0.1)
      ipaddress (~> 0.8)
    fog-core (1.38.0)
      builder
      excon (~> 0.49)
      formatador (~> 0.2)
    fog-json (1.0.2)
      fog-core (~> 1.0)
      multi_json (~> 1.10)
    fog-xml (0.1.2)
      fog-core
      nokogiri (~> 1.5, >= 1.5.11)
    formatador (0.2.5)
||||||| merged common ancestors
    ffi (1.9.10)
=======
    ffi (1.9.14)
>>>>>>> 60dae212b63bc4c23062a5a72394212f5173a80b
    haml (4.0.7)
      tilt
    hamster (3.0.0)
      concurrent-ruby (~> 1.0)
    hashie (3.4.4)
    http_parser.rb (0.6.0)
    i18n (0.7.0)
    ipaddress (0.8.3)
    json (1.8.3)
    kramdown (1.12.0)
    listen (3.0.8)
      rb-fsevent (~> 0.9, >= 0.9.4)
      rb-inotify (~> 0.9, >= 0.9.7)
<<<<<<< HEAD
      ruby_dep (~> 1.2)
    map (6.6.0)
    middleman (4.1.7)
||||||| merged common ancestors
      ruby_dep (~> 1.2)
    middleman (4.1.7)
=======
    memoist (0.15.0)
    middleman (4.1.10)
>>>>>>> 60dae212b63bc4c23062a5a72394212f5173a80b
      coffee-script (~> 2.2)
      compass-import-once (= 1.0.5)
      haml (>= 4.0.5)
      kramdown (~> 1.2)
      middleman-cli (= 4.1.10)
      middleman-core (= 4.1.10)
      sass (>= 3.4.0, < 4.0)
    middleman-blog (4.0.1)
      addressable (~> 2.3)
      middleman-core (>= 4.0.0)
      tzinfo (>= 0.3.0)
    middleman-cli (4.1.10)
      thor (>= 0.17.0, < 2.0)
    middleman-core (4.1.10)
      activesupport (~> 4.2)
      addressable (~> 2.3)
      backports (~> 3.6)
      bundler (~> 1.1)
      contracts (~> 0.13.0)
      dotenv
      erubis
      execjs (~> 2.0)
      fast_blank
      fastimage (~> 2.0)
      hamster (~> 3.0)
      hashie (~> 3.4)
      i18n (~> 0.7.0)
      listen (~> 3.0.0)
      memoist (~> 0.14)
      padrino-helpers (~> 0.13.0)
      parallel
      rack (>= 1.4.5, < 2.0)
      sass (>= 3.4)
      servolux
      tilt (~> 1.4.1)
      uglifier (~> 3.0)
    middleman-livereload (3.4.6)
      em-websocket (~> 0.5.1)
      middleman-core (>= 3.3)
      rack-livereload (~> 0.3.15)
    middleman-s3_sync (4.0.2)
      ansi (~> 1.5.0)
      fog-aws (>= 0.1.1)
      map
      middleman-cli
      middleman-core (>= 4.0.0)
      parallel
      ruby-progressbar
      unf
    middleman-syntax (2.1.0)
      middleman-core (>= 3.2)
      rouge (~> 1.0)
<<<<<<< HEAD
    mime-types (3.0)
      mime-types-data (~> 3.2015)
    mime-types-data (3.2016.0221)
    mini_portile2 (2.0.0)
    minitest (5.8.4)
    multi_json (1.12.0)
    nokogiri (1.6.7.2)
      mini_portile2 (~> 2.0.0.rc2)
    padrino-helpers (0.13.1)
||||||| merged common ancestors
    mime-types (3.0)
      mime-types-data (~> 3.2015)
    mime-types-data (3.2016.0221)
    mini_portile2 (2.0.0)
    minitest (5.8.4)
    nokogiri (1.6.7.2)
      mini_portile2 (~> 2.0.0.rc2)
    padrino-helpers (0.13.1)
=======
    minitest (5.9.0)
    padrino-helpers (0.13.3.2)
>>>>>>> 60dae212b63bc4c23062a5a72394212f5173a80b
      i18n (~> 0.6, >= 0.6.7)
      padrino-support (= 0.13.3.2)
      tilt (>= 1.4.1, < 3)
    padrino-support (0.13.3.2)
      activesupport (>= 3.1)
    parallel (1.9.0)
    rack (1.6.4)
<<<<<<< HEAD
    rack-livereload (0.3.16)
      rack
    rack-test (0.6.3)
      rack (>= 1.0)
||||||| merged common ancestors
    rack-test (0.6.3)
      rack (>= 1.0)
=======
>>>>>>> 60dae212b63bc4c23062a5a72394212f5173a80b
    rb-fsevent (0.9.7)
    rb-inotify (0.9.7)
      ffi (>= 0.5.0)
    redcarpet (3.3.4)
<<<<<<< HEAD
    rouge (1.10.1)
    ruby-progressbar (1.8.0)
    ruby_dep (1.2.0)
||||||| merged common ancestors
    rouge (1.10.1)
    ruby_dep (1.2.0)
=======
    rouge (1.11.1)
>>>>>>> 60dae212b63bc4c23062a5a72394212f5173a80b
    sass (3.4.22)
    servolux (0.12.0)
    thor (0.19.1)
    thread_safe (0.3.5)
    tilt (1.4.1)
    tzinfo (1.2.2)
      thread_safe (~> 0.1)
    uglifier (3.0.2)
      execjs (>= 0.3.0, < 3)
<<<<<<< HEAD
    unf (0.1.4)
      unf_ext
    unf_ext (0.0.7.2)
    xpath (2.0.0)
      nokogiri (~> 1.3)
||||||| merged common ancestors
    xpath (2.0.0)
      nokogiri (~> 1.3)
=======
>>>>>>> 60dae212b63bc4c23062a5a72394212f5173a80b

PLATFORMS
  ruby

DEPENDENCIES
  builder (~> 3.0)
  middleman (~> 4.1)
  middleman-blog (~> 4.0)
  middleman-livereload (~> 3.4)
  middleman-s3_sync (~> 4.0)
  middleman-syntax (~> 2.1)
  redcarpet (~> 3.3)
  tzinfo-data
  wdm (~> 0.1.0)

BUNDLED WITH
   1.12.5
